PATH
  remote: .
  specs:
    i18n-missing_translations (0.0.2)
      i18n (~> 0.7.0)

GEM
  remote: http://rubygems.org/
  specs:
    i18n (0.7.0)
    minitest (5.8.1)

PLATFORMS
  ruby

DEPENDENCIES
  i18n-missing_translations!
  minitest

BUNDLED WITH
   1.10.6
