PATH
  remote: .
  specs:
    i18n-missing_translations (0.0.1)
      i18n (~> 0.6.0)

GEM
  remote: http://rubygems.org/
  specs:
    i18n (0.6.0)
    test_declarative (0.0.4)

PLATFORMS
  ruby

DEPENDENCIES
  i18n-missing_translations!
  test_declarative
